PATH
  remote: .
  specs:
    rautomation (1.1.0)
      ffi (~> 1.15.0)

GEM
  remote: https://rubygems.org/
  specs:
    diff-lcs (1.2.4)
    ffi (1.15.4)
    ffi (1.15.4-x86-mingw32)
    github-markup (3.0.4)
    rake (0.9.2.2)
    redcarpet (3.5.1)
    rspec (2.14.1)
      rspec-core (~> 2.14.0)
      rspec-expectations (~> 2.14.0)
      rspec-mocks (~> 2.14.0)
    rspec-core (2.14.6)
    rspec-expectations (2.14.3)
      diff-lcs (>= 1.1.3, < 2.0)
    rspec-mocks (2.14.4)
    yard (0.9.20)

PLATFORMS
  ruby
  x86-mingw32

DEPENDENCIES
  github-markup
  rake
  rautomation!
  redcarpet
  rspec (~> 2.14)
  yard

BUNDLED WITH
   2.0.1
